PATH
  remote: .
  specs:
    nexus_cli (1.0.1)
      extlib
      highline
      httpclient (= 2.2.5)
      json
      jsonpath
      nokogiri
      thor

GEM
  specs:
    addressable (2.3.2)
    aruba (0.4.11)
      childprocess (>= 0.2.3)
      cucumber (>= 1.1.1)
      ffi (>= 1.0.11)
      rspec (>= 2.7.0)
    builder (3.0.4)
    childprocess (0.3.6)
      ffi (~> 1.0, >= 1.0.6)
    crack (0.3.1)
    cucumber (1.2.1)
      builder (>= 2.1.2)
      diff-lcs (>= 1.1.3)
      gherkin (~> 2.11.0)
      json (>= 1.4.6)
    diff-lcs (1.1.3)
    extlib (0.9.15)
    ffi (1.1.5)
    gherkin (2.11.5)
      json (>= 1.4.6)
    highline (1.6.15)
    httpclient (2.2.5)
    json (1.7.5)
    jsonpath (0.5.0)
      multi_json
    multi_json (1.3.6)
    nokogiri (1.5.5)
    rake (0.9.2.2)
    rspec (2.11.0)
      rspec-core (~> 2.11.0)
      rspec-expectations (~> 2.11.0)
      rspec-mocks (~> 2.11.0)
    rspec-core (2.11.1)
    rspec-expectations (2.11.3)
      diff-lcs (~> 1.1.3)
    rspec-mocks (2.11.3)
    thor (0.16.0)
    webmock (1.8.10)
      addressable (>= 2.2.7)
      crack (>= 0.1.7)

PLATFORMS
  ruby

DEPENDENCIES
  aruba
  cucumber
  nexus_cli!
  rake
  rspec
  webmock
